PATH
  remote: .
  specs:
    yodeler (0.0.1)
      rails (~> 4.0.3)

GEM
  remote: https://rubygems.org/
  specs:
    actionmailer (4.0.9)
      actionpack (= 4.0.9)
      mail (~> 2.5.4)
    actionpack (4.0.9)
      activesupport (= 4.0.9)
      builder (~> 3.1.0)
      erubis (~> 2.7.0)
      rack (~> 1.5.2)
      rack-test (~> 0.6.2)
    activemodel (4.0.9)
      activesupport (= 4.0.9)
      builder (~> 3.1.0)
    activerecord (4.0.9)
      activemodel (= 4.0.9)
      activerecord-deprecated_finders (~> 1.0.2)
      activesupport (= 4.0.9)
      arel (~> 4.0.0)
    activerecord-deprecated_finders (1.0.3)
    activesupport (4.0.9)
      i18n (~> 0.6, >= 0.6.9)
      minitest (~> 4.2)
      multi_json (~> 1.3)
      thread_safe (~> 0.1)
      tzinfo (~> 0.3.37)
    arel (4.0.2)
    builder (3.1.4)
    celluloid (0.15.2)
      timers (~> 1.1.0)
    celluloid-io (0.15.0)
      celluloid (>= 0.15.0)
      nio4r (>= 0.5.0)
    coderay (1.1.0)
    columnize (0.8.9)
    database_cleaner (1.3.0)
    debugger (1.6.6)
      columnize (>= 0.3.1)
      debugger-linecache (~> 1.2.0)
      debugger-ruby_core_source (~> 1.3.2)
    debugger-linecache (1.2.0)
    debugger-ruby_core_source (1.3.2)
    diff-lcs (1.2.5)
    erubis (2.7.0)
    factory_girl (4.4.0)
      activesupport (>= 3.0.0)
    factory_girl_rails (4.4.1)
      factory_girl (~> 4.4.0)
      railties (>= 3.0.0)
    ffi (1.9.3)
    formatador (0.2.4)
    generator_spec (0.9.2)
      activesupport (>= 3.0.0)
      railties (>= 3.0.0)
    guard (2.6.0)
      formatador (>= 0.2.4)
      listen (~> 2.7)
      lumberjack (~> 1.0)
      pry (>= 0.9.12)
      thor (>= 0.18.1)
    guard-bundler (2.0.0)
      bundler (~> 1.0)
      guard (~> 2.2)
    guard-rspec (4.2.8)
      guard (~> 2.1)
      rspec (>= 2.14, < 4.0)
    hike (1.2.3)
    i18n (0.6.11)
    listen (2.7.4)
      celluloid (>= 0.15.2)
      celluloid-io (>= 0.15.0)
      rb-fsevent (>= 0.9.3)
      rb-inotify (>= 0.9)
    lumberjack (1.0.5)
    mail (2.5.4)
      mime-types (~> 1.16)
      treetop (~> 1.4.8)
    method_source (0.8.2)
    mime-types (1.25.1)
    minitest (4.7.5)
    multi_json (1.10.1)
    nio4r (1.0.0)
    polyglot (0.3.5)
    pry (0.10.0)
      coderay (~> 1.1.0)
      method_source (~> 0.8.1)
      slop (~> 3.4)
    rack (1.5.2)
    rack-test (0.6.2)
      rack (>= 1.0)
    rails (4.0.9)
      actionmailer (= 4.0.9)
      actionpack (= 4.0.9)
      activerecord (= 4.0.9)
      activesupport (= 4.0.9)
      bundler (>= 1.3.0, < 2.0)
      railties (= 4.0.9)
      sprockets-rails (~> 2.0)
    railties (4.0.9)
      actionpack (= 4.0.9)
      activesupport (= 4.0.9)
      rake (>= 0.8.7)
      thor (>= 0.18.1, < 2.0)
    rake (10.3.2)
    rb-fsevent (0.9.4)
    rb-inotify (0.9.4)
      ffi (>= 0.5.0)
    rspec (3.0.0.beta2)
      rspec-core (= 3.0.0.beta2)
      rspec-expectations (= 3.0.0.beta2)
      rspec-mocks (= 3.0.0.beta2)
    rspec-collection_matchers (0.0.4)
      rspec-expectations (>= 2.99.0.beta1)
    rspec-core (3.0.0.beta2)
      rspec-support (= 3.0.0.beta2)
    rspec-expectations (3.0.0.beta2)
      diff-lcs (>= 1.2.0, < 2.0)
      rspec-support (= 3.0.0.beta2)
    rspec-mocks (3.0.0.beta2)
      rspec-support (= 3.0.0.beta2)
    rspec-rails (3.0.0.beta2)
      actionpack (>= 3.0)
      activemodel (>= 3.0)
      activesupport (>= 3.0)
      railties (>= 3.0)
      rspec-collection_matchers
      rspec-core (= 3.0.0.beta2)
      rspec-expectations (= 3.0.0.beta2)
      rspec-mocks (= 3.0.0.beta2)
      rspec-support (= 3.0.0.beta2)
    rspec-support (3.0.0.beta2)
    shoulda-matchers (2.6.1)
      activesupport (>= 3.0.0)
    simplecov (0.7.1)
      multi_json (~> 1.0)
      simplecov-html (~> 0.7.1)
    simplecov-html (0.7.1)
    slop (3.6.0)
    sprockets (2.12.1)
      hike (~> 1.2)
      multi_json (~> 1.0)
      rack (~> 1.0)
      tilt (~> 1.1, != 1.3.0)
    sprockets-rails (2.1.4)
      actionpack (>= 3.0)
      activesupport (>= 3.0)
      sprockets (~> 2.8)
    sqlite3 (1.3.9)
    thor (0.19.1)
    thread_safe (0.3.4)
    tilt (1.4.1)
    timers (1.1.0)
    treetop (1.4.15)
      polyglot
      polyglot (>= 0.3.1)
    tzinfo (0.3.41)

PLATFORMS
  ruby

DEPENDENCIES
  database_cleaner
  debugger
  factory_girl_rails
  generator_spec
  guard-bundler
  guard-rspec
  railties
  rspec-rails
  shoulda-matchers
  simplecov
  sqlite3
  yodeler!
